GIT
  remote: git://github.com/everypolitician/everypolitician-popolo.git
  revision: 1870b151f531e90e84df071fa88be91a1cd97e0a
  specs:
    everypolitician-popolo (0.3.2)

GIT
  remote: git://github.com/everypolitician/everypolitician-ruby.git
  revision: ba9bf4dc5d16005811811db065a202c945f95bc4
  specs:
    everypolitician (0.7.0)
      everypolitician-popolo

GEM
  remote: https://rubygems.org/
  specs:
    coderay (1.1.1)
    method_source (0.8.2)
    pry (0.10.3)
      coderay (~> 1.1.0)
      method_source (~> 0.8.1)
      slop (~> 3.4)
    rake (11.1.2)
    slop (3.6.0)

PLATFORMS
  ruby

DEPENDENCIES
  everypolitician!
  everypolitician-popolo!
  pry
  rake

BUNDLED WITH
   1.11.2
